GEM
  remote: https://rubygems.org/
  specs:
    commonjs (0.2.7)
    less (2.6.0)
      commonjs (~> 0.2.7)
    stringex (2.5.2)

PLATFORMS
  ruby

DEPENDENCIES
  less
  stringex
